PATH
  remote: .
  specs:
    qnatra (0.0.1)
      bunny (>= 0.7.9)

GEM
  remote: http://rubygems.org/
  specs:
    bunny (0.7.9)
    diff-lcs (1.1.3)
    rake (0.9.2.2)
    redcarpet (2.1.1)
    rspec (2.9.0)
      rspec-core (~> 2.9.0)
      rspec-expectations (~> 2.9.0)
      rspec-mocks (~> 2.9.0)
    rspec-core (2.9.0)
    rspec-expectations (2.9.1)
      diff-lcs (~> 1.1.3)
    rspec-mocks (2.9.0)
    yard (0.7.5)

PLATFORMS
  java
  ruby

DEPENDENCIES
  qnatra!
  rake
  redcarpet
  rspec
  yard
